NUGET
  remote: http://api.nuget.org/v3/index.json
    FAKE (4.41.1)
    FSharp.Core (4.0.0.1)
    NUnit (3.5)
    NUnit.ConsoleRunner (3.4.1)
