NUGET
  remote: http://api.nuget.org/v3/index.json
    FAKE (4.41.1)
    FSharp.Core (4.0.0.1)
    FSharpLint.MSBuild (0.4.9)
    Microsoft.Bcl (1.1.10) - framework: net10, net11, net20, net30, net35, net40, net40-full
      Microsoft.Bcl.Build (>= 1.0.14)
    Microsoft.Bcl.Build (1.0.21) - import_targets: false, framework: net10, net11, net20, net30, net35, net40, net40-full
    Microsoft.Net.Http (2.2.29) - framework: net10, net11, net20, net30, net35, net40, net40-full
      Microsoft.Bcl (>= 1.1.10)
      Microsoft.Bcl.Build (>= 1.0.14)
    NUnit (3.5)
    NUnit.ConsoleRunner (3.4.1)
    Octokit (0.23)
      Microsoft.Net.Http  - framework: net10, net11, net20, net30, net35, net40, net40-full
GITHUB
  remote: fsharp/FAKE
    modules/Octokit/Octokit.fsx (022d94ffc2fc28a863a9f8bd5aac71f0a74ab86c)
      Octokit (>= 0.20)